PATH
  remote: .
  specs:
    felix (0.0.1)
      em-websocket
      eventmachine
      eventmachine

GEM
  remote: https://rubygems.org/
  specs:
    em-websocket (0.5.0)
      eventmachine (>= 0.12.9)
      http_parser.rb (~> 0.5.3)
    eventmachine (1.0.3)
    http_parser.rb (0.5.3)
    minitest (4.3.2)
    rake (10.0.3)

PLATFORMS
  ruby

DEPENDENCIES
  bundler (~> 1.3)
  felix!
  minitest
  rake
