GEM
  remote: https://rubygems.org/
  specs:
    daemons (1.1.9)
    em-websocket (0.5.0)
      eventmachine (>= 0.12.9)
      http_parser.rb (~> 0.5.3)
    eventmachine (1.0.3)
    http_parser.rb (0.5.3)
    minitest (4.3.2)
    rake (10.0.3)
    yajl-ruby (1.1.0)

PLATFORMS
  ruby

DEPENDENCIES
  daemons
  em-websocket
  eventmachine
  minitest
  rake
  yajl-ruby
